GEM
  remote: https://rubygems.org/
  specs:
    chunky_png (1.4.0)
    rake (13.2.1)

PLATFORMS
  x64-mingw-ucrt

DEPENDENCIES
  chunky_png
  rake

BUNDLED WITH
   2.6.2
